GEM
  remote: https://rubygems.org/
  specs:
    coderay (1.1.3)
    method_source (1.0.0)
    pry (0.14.1)
      coderay (~> 1.1)
      method_source (~> 1.0)
    rack (2.2.3.1)

PLATFORMS
  x86_64-darwin-19

DEPENDENCIES
  pry
  rack

BUNDLED WITH
   2.2.33
